GEM
  remote: https://rubygems.org/
  specs:
    bson (1.5.2)
    diff-lcs (1.1.3)
    mongo (1.5.2)
      bson (= 1.5.2)
    rake (0.9.2.2)
    redis (2.2.2)
    rspec (2.8.0)
      rspec-core (~> 2.8.0)
      rspec-expectations (~> 2.8.0)
      rspec-mocks (~> 2.8.0)
    rspec-core (2.8.0)
    rspec-expectations (2.8.0)
      diff-lcs (~> 1.1.2)
    rspec-mocks (2.8.0)

PLATFORMS
  ruby

DEPENDENCIES
  mongo
  rake
  redis
  rspec
