GEM
  remote: https://rubygems.org/
  specs:
    bson (1.5.2)
    bson_ext (1.5.2)
      bson (= 1.5.2)
    coderay (0.9.8)
    diff-lcs (1.1.3)
    git (1.2.5)
    hiredis (0.4.4)
    jeweler (1.6.4)
      bundler (~> 1.0)
      git (>= 1.2.5)
      rake
    method_source (0.6.7)
      ruby_parser (>= 2.3.1)
    mongo (1.5.2)
      bson (= 1.5.2)
    multi_json (1.0.4)
    pry (0.9.7.4)
      coderay (~> 0.9.8)
      method_source (~> 0.6.7)
      ruby_parser (>= 2.3.1)
      slop (~> 2.1.0)
    pry-doc (0.3.0)
      pry (>= 0.9.0)
      yard (>= 0.6.4)
    rake (0.9.2.2)
    redis (2.2.2)
    rspec (2.8.0)
      rspec-core (~> 2.8.0)
      rspec-expectations (~> 2.8.0)
      rspec-mocks (~> 2.8.0)
    rspec-core (2.8.0)
    rspec-expectations (2.8.0)
      diff-lcs (~> 1.1.2)
    rspec-mocks (2.8.0)
    ruby_parser (2.3.1)
      sexp_processor (~> 3.0)
    sexp_processor (3.0.10)
    simplecov (0.5.4)
      multi_json (~> 1.0.3)
      simplecov-html (~> 0.5.3)
    simplecov-csv (0.1.3)
      simplecov
    simplecov-html (0.5.3)
    simplecov-rcov (0.2.3)
      simplecov (>= 0.4.1)
    slop (2.1.0)
    yard (0.7.4)

PLATFORMS
  ruby

DEPENDENCIES
  bson_ext (~> 1.5.2)
  hiredis (~> 0.4.4)
  jeweler
  mongo (~> 1.5.2)
  pry
  pry-doc
  rake
  redis (~> 2.2.2)
  rspec (~> 2.8.0)
  simplecov
  simplecov-csv
  simplecov-rcov
