GEM
  remote: https://rubygems.org/
  specs:
    alf (0.10.1)
      highline (~> 1.6.2)
      myrrha (~> 1.2.1)
      quickl (~> 0.4.1)
    bson (1.7.0)
    coderay (1.0.8)
    diff-lcs (1.1.3)
    fastercsv (1.5.5)
    ffi (1.1.5)
    ffi-rzmq (0.9.6)
      ffi
    git (1.2.5)
    gnuplot (2.3.6)
    highline (1.6.15)
    hiredis (0.4.5)
    iobuffer (1.1.2)
    jeweler (1.8.4)
      bundler (~> 1.0)
      git (>= 1.2.5)
      rake
      rdoc
    json (1.7.5)
    method_source (0.8.1)
    mongo (1.7.0)
      bson (~> 1.7.0)
    myrrha (1.2.2)
    pry (0.9.10)
      coderay (~> 1.0.5)
      method_source (~> 0.8)
      slop (~> 3.3.1)
    pry-doc (0.4.4)
      pry (>= 0.9.9.6)
      yard (~> 0.8.1)
    quickl (0.4.3)
    rake (0.9.2.2)
    rdoc (3.12)
      json (~> 1.4)
    redis (3.0.2)
    redis-namespace (1.2.1)
      redis (~> 3.0.0)
    rspec (2.11.0)
      rspec-core (~> 2.11.0)
      rspec-expectations (~> 2.11.0)
      rspec-mocks (~> 2.11.0)
    rspec-core (2.11.1)
    rspec-expectations (2.11.3)
      diff-lcs (~> 1.1.3)
    rspec-mocks (2.11.3)
    slop (3.3.3)
    viiite (0.2.0)
      alf (~> 0.10.1)
      gnuplot (~> 2.3.6)
      json
    yard (0.8.3)

PLATFORMS
  ruby

DEPENDENCIES
  alf
  fastercsv
  ffi (~> 1.1.5)
  ffi-rzmq (~> 0.9.6)
  hiredis (~> 0.4.5)
  iobuffer (~> 1.1.2)
  jeweler
  mongo (~> 1.7.0)
  pry
  pry-doc
  rake
  redis (~> 3.0.2)
  redis-namespace (~> 1.2.1)
  rspec (~> 2.11.0)
  viiite
