GEM
  remote: https://rubygems.org/
  specs:
    alf (0.10.1)
      highline (~> 1.6.2)
      myrrha (~> 1.2.1)
      quickl (~> 0.4.1)
    bson (1.5.2)
    bson_ext (1.5.2)
      bson (= 1.5.2)
    coderay (0.9.8)
    diff-lcs (1.1.3)
    fastercsv (1.5.4)
    ffi (1.0.11)
    ffi-rzmq (0.9.3)
      ffi
    git (1.2.5)
    gnuplot (2.3.6)
    highline (1.6.11)
    hiredis (0.4.4)
    iobuffer (1.0.0)
    jeweler (1.6.4)
      bundler (~> 1.0)
      git (>= 1.2.5)
      rake
    json (1.6.5)
    method_source (0.6.7)
      ruby_parser (>= 2.3.1)
    mongo (1.5.2)
      bson (= 1.5.2)
    multi_json (1.0.4)
    myrrha (1.2.2)
    pry (0.9.7.4)
      coderay (~> 0.9.8)
      method_source (~> 0.6.7)
      ruby_parser (>= 2.3.1)
      slop (~> 2.1.0)
    quickl (0.4.2)
    rake (0.9.2.2)
    redcarpet (2.0.1)
    redis (2.2.2)
    redis-namespace (1.1.0)
      redis (< 3.0.0)
    rspec (2.8.0)
      rspec-core (~> 2.8.0)
      rspec-expectations (~> 2.8.0)
      rspec-mocks (~> 2.8.0)
    rspec-core (2.8.0)
    rspec-expectations (2.8.0)
      diff-lcs (~> 1.1.2)
    rspec-mocks (2.8.0)
    ruby_parser (2.3.1)
      sexp_processor (~> 3.0)
    sexp_processor (3.0.10)
    simplecov (0.5.4)
      multi_json (~> 1.0.3)
      simplecov-html (~> 0.5.3)
    simplecov-csv (0.1.3)
      simplecov
    simplecov-html (0.5.3)
    simplecov-rcov (0.2.3)
      simplecov (>= 0.4.1)
    slop (2.1.0)
    viiite (0.2.0)
      alf (~> 0.10.1)
      gnuplot (~> 2.3.6)
      json
    yard (0.7.4)
    yard-blame (0.0.1)
      yard

PLATFORMS
  ruby

DEPENDENCIES
  alf
  bson_ext (~> 1.5.2)
  fastercsv
  ffi
  ffi-rzmq
  hiredis (~> 0.4.4)
  iobuffer (~> 1.0.0)
  jeweler
  mongo (~> 1.5.2)
  pry
  rake
  redcarpet
  redis (~> 2.2.2)
  redis-namespace
  rspec (~> 2.8.0)
  simplecov
  simplecov-csv
  simplecov-rcov
  viiite
  yard
  yard-blame
